GEM
  remote: https://rubygems.org/
  specs:
    minitest (5.11.1)

PLATFORMS
  ruby

DEPENDENCIES
  minitest (~> 5.4)

BUNDLED WITH
   1.16.1
